GEM
  remote: https://rubygems.org/
  specs:
    listen (0.5.1)
    rb-fsevent (0.9.1)

PLATFORMS
  ruby

DEPENDENCIES
  listen (= 0.5.1)
  rb-fsevent (= 0.9.1)
