GEM
  remote: https://rubygems.org/
  specs:
    addressable (2.3.2)
    ansi (1.4.3)
    childprocess (0.3.5)
      ffi (~> 1.0, >= 1.0.6)
    ffi (1.1.5)
    libwebsocket (0.1.5)
      addressable
    listen (0.5.1)
    minitest (3.4.0)
    multi_json (1.3.6)
    rb-fsevent (0.9.1)
    rubyzip (0.9.9)
    selenium-webdriver (2.25.0)
      childprocess (>= 0.2.5)
      libwebsocket (~> 0.1.3)
      multi_json (~> 1.0)
      rubyzip
    turn (0.9.6)
      ansi

PLATFORMS
  ruby

DEPENDENCIES
  listen (= 0.5.1)
  minitest (= 3.4.0)
  rb-fsevent (= 0.9.1)
  selenium-webdriver (= 2.25.0)
  turn (= 0.9.6)
